GEM
  remote: https://rubygems.org/
  specs:
    rack (2.0.1)
    rack-favicon (0.0.1)

PLATFORMS
  ruby

DEPENDENCIES
  rack
  rack-favicon (~> 0.0.1)

BUNDLED WITH
   1.12.5
